PATH
  remote: .
  specs:
    feedbuilder (0.0.2)
      activesupport (~> 3.0)
      ratom

GEM
  remote: http://rubygems.org/
  specs:
    activesupport (3.0.3)
    diff-lcs (1.1.2)
    libxml-ruby (1.1.4)
    ratom (0.6.7)
      libxml-ruby (>= 1.1.2)
    rspec (2.1.0)
      rspec-core (~> 2.1.0)
      rspec-expectations (~> 2.1.0)
      rspec-mocks (~> 2.1.0)
    rspec-core (2.1.0)
    rspec-expectations (2.1.0)
      diff-lcs (~> 1.1.2)
    rspec-mocks (2.1.0)

PLATFORMS
  ruby

DEPENDENCIES
  activesupport (~> 3.0)
  feedbuilder!
  ratom
  rspec (~> 2.0)
